PATH
  remote: .
  specs:
    buftok (0.1)

GEM
  remote: https://rubygems.org/
  specs:
    json (1.8.1)
    rake (10.1.0)
    rdoc (4.0.1)
      json (~> 1.4)

PLATFORMS
  ruby

DEPENDENCIES
  buftok!
  bundler (~> 1.0)
  rake
  rdoc
